PATH
  remote: .
  specs:
    deeply_enumerable (1.0.0)

GEM
  remote: https://rubygems.org/
  specs:
    diff-lcs (1.5.0)
    rspec (3.12.0)
      rspec-core (~> 3.12.0)
      rspec-expectations (~> 3.12.0)
      rspec-mocks (~> 3.12.0)
    rspec-core (3.12.0)
      rspec-support (~> 3.12.0)
    rspec-expectations (3.12.2)
      diff-lcs (>= 1.2.0, < 2.0)
      rspec-support (~> 3.12.0)
    rspec-mocks (3.12.2)
      diff-lcs (>= 1.2.0, < 2.0)
      rspec-support (~> 3.12.0)
    rspec-support (3.12.0)

PLATFORMS
  ruby

DEPENDENCIES
  deeply_enumerable!
  rspec

BUNDLED WITH
   2.4.3
